GEM
  remote: https://rubygems.org/
  specs:
    activesupport (4.2.5.1)
      i18n (~> 0.7)
      json (~> 1.7, >= 1.7.7)
      minitest (~> 5.1)
      thread_safe (~> 0.3, >= 0.3.4)
      tzinfo (~> 1.1)
    blather (1.2.0)
      activesupport (>= 2.3.11)
      eventmachine (>= 1.0.0)
      girl_friday
      niceogiri (~> 1.0)
      nokogiri (~> 1.5, >= 1.5.6, <= 1.6.1)
    connection_pool (1.2.0)
    dotenv (2.1.0)
    eventmachine (1.0.9.1)
    girl_friday (0.11.2)
      connection_pool (~> 1.0)
      rubinius-actor
    i18n (0.7.0)
    json (1.8.3)
    mini_portile (0.5.3)
    minitest (5.8.4)
    niceogiri (1.1.2)
      nokogiri (~> 1.5)
    nokogiri (1.6.1)
      mini_portile (~> 0.5.0)
    rubinius-actor (0.0.2)
      rubinius-core-api
    rubinius-core-api (0.0.1)
    thread_safe (0.3.5)
    tzinfo (1.2.2)
      thread_safe (~> 0.1)

PLATFORMS
  ruby

DEPENDENCIES
  blather
  dotenv

BUNDLED WITH
   1.11.2
